##TITLE= Parameter file, TopSpin 3.5 pl 7
##JCAMPDX= 5.0
##DATATYPE= Parameter Values
##NPOINTS= 23061	$$ modification sequence number
##ORIGIN= Bruker BioSpin GmbH
##OWNER= nmrsu
$$ 2019-08-24 23:21:45.102 +0800  nmrsu@TOPSPIN
$$ C:/Bruker/TopSpin35PL7/conf/instr/spect/specpar
$$ process C:\Bruker\TopSpin35PL7\prog\mod\hconfserver.exe
##$ANCIEN= (0..7)
0 0 0 0 0 0 0 0
##$BF1= 100.13
##$BF2= 100.13
##$BF3= 100.13
##$DEC= 1
##$DECB= 1
##$DEF19F= yes
##$DEFRSEL= yes
##$HPMOD= (0..7)
0 0 0 0 0 0 0 0
##$HPPRECH= (0..15)
-1 -1 -1 -1 -1 -1 -1 -1 -1 -1 -1 -1 -1 -1 -1 -1
##$HPSELECT= no
##$LOCSW19F= -1
##$LOCSW2H= -1
##$NUC1= 1
##$NUC2= 10
##$NUC3= 0
##$NUC4= 0
##$NUC5= 0
##$NUC6= 0
##$NUC7= 0
##$NUC8= 0
##$NUCARR= (0..123)
700.2 700.2 107.484963238 746.861145948 533.405189952 103.042034172 272.124306594
98.390794626 75.227093316 224.651985948 176.06543004 50.598671634 70.950649824
94.922311914 658.846265022 55.275860592 185.2162038 42.86368827 182.450126718
139.110043374 283.446155484 53.747352 68.604958818 57.10638645 32.673943746
17.93425761 47.123663058 170.090812494 39.474013068 39.484537074 69.812103618
184.173241896 39.578776992 173.574104436 22.670921556 166.136972148 62.570229102
185.661341946 198.882658386 43.810134606 168.057480708 213.537921408 24.42518163
119.892543228 133.538734026 36.534489444 175.42796796 189.099639036 26.9408952
67.603910886 229.108618908 30.345421644 34.311186396 65.092678596 171.38214234
45.631515852 46.58917239 157.603298652 32.245267302 36.139905738 22.311501894
32.0418522 28.342828638 32.584038066 148.55079096 155.39661135 153.10401651
153.432228258 229.096680498 249.497077518 261.109005264 167.561900154 90.740437434
183.240533484 220.911482538 140.092416972 194.726922372 57.723934842 91.839226284
69.561067914 77.812721856 92.3864886 98.907738282 214.40124 38.1609 23.52672
29.19834 24.08688 174.06972 76.88196 21.49614 28.21806 168.32808 24.08688
33.74964 149.42268 20.16576 58.04658 122.530140612 33.756642 79.850808
56.933262 28.057014 17.624034 83.9511792 29.173041774 157.7172492 159.3067032
15.980881662 54.3733308 12.029436 13.100742 150.520481568 12.106458 125.411575644
46.294304166 399.9766464 403.902233676 146.486034198 112.517154576 12.8934828
25.41726 100 100
##$NUCOFFS= (0..127)
<> <> <> <> <> <> <> <> <> <> <> <> <> <> <> <> <> <> <> <> <> <> <> <>
<> <> <> <> <> <> <> <> <> <> <> <> <> <> <> <> <> <> <> <> <> <> <> <>
<> <> <> <> <> <> <> <> <> <> <> <> <> <> <> <> <> <> <> <> <> <> <> <>
<> <> <> <> <> <> <> <> <> <> <> <> <> <> <> <> <> <> <> <> <> <> <> <>
<> <> <> <> <> <> <> <> <> <> <> <> <> <> <> <> <> <> <> <> <> <> <> <>
<> <> <> <> <> <> <> <>
##$OBS= 1
##$OFFS= (0..127)
0 0 0 0 0 0 0 0 0 0 0 0 0 0 0 0 0 0 0 0 0 0 0 0 0 0 0 0 0 0 0 0 0 0 0 0
0 0 0 0 0 0 0 0 0 0 0 0 0 0 0 0 0 0 0 0 0 0 0 0 0 0 0 0 0 0 0 0 0 0 0 0
0 0 0 0 0 0 0 0 0 0 0 0 0 0 0 0 0 0 0 0 0 0 0 0 0 0 0 0 0 0 0 0 0 0 0 0
0 0 0 0 0 0 0 0 0 0 0 0 0 0 0 0 0 0 0 0
##$OFFSF= (0..7)
0 0 0 0 0 0 0 0
##$OFFSH= (0..7)
3291.4000000801 3277.00000002551 0 0 0 0 0 0
##$OFFSX= (0..7)
12325.5999999969 8302.09999999454 0 0 0 0 0 0
##$OFFSXAS= (0..7)
0 0 0 0 0 0 0 0
##$OFSF1= 0
##$OFSF2= 0
##$OFSH1= 0
##$OFSH2= 0
##$OFSH3= 0
##$OFSX1= 0
##$OFSX2= 0
##$OFSY= 0
##$PACOIL= (0..15)
0 0 0 0 0 0 0 0 0 0 0 0 0 0 0 0
##$PRECHAN= (0..15)
-1 3 0 1 4 -1 -1 -1 -1 -1 -1 -1 -1 -1 -1 -1
##$RECPRE= (0..15)
-1 0 -1 -1 -1 -1 -1 -1 -1 -1 -1 -1 -1 -1 -1 -1
##$RECPRFX= (0..15)
1 0 0 0 0 0 0 0 0 0 0 0 0 0 0 0
##$RECSEL= (0..15)
0 0 0 1 0 0 0 0 0 0 0 0 0 0 0 0
##$SELREC= (0..9)
0 0 0 0 0 0 0 0 0 0
##$SFO1= 700.203279
##$SFO2= 176.078635
##$SFO3= 700.203291
##$SFO4= 700.203291
##$SFO5= 700.203291
##$SFO6= 700.203291
##$SFO7= 700.203291
##$SFO8= 700.203291
##$TY= (0..123)
0 0 0 0 0 0 0 0 0 0 0 0 0 0 0 0 0 0 0 0 0 0 0 0 0 0 0 0 0 0 0 0 0 0 0 0
0 0 0 0 0 0 0 0 0 0 0 0 0 0 0 0 0 0 0 0 0 0 0 0 0 0 0 0 0 0 0 0 0 0 0 0
0 0 0 0 0 0 0 0 0 0 0 0 0 0 0 0 0 0 0 0 0 0 0 0 0 0 0 0 0 0 0 0 0 0 0 0
0 0 0 0 0 0 0 0 0 0 0 0 0 0 0 0
##END=
