##TITLE= Parameter file, TopSpin 3.5 pl 7
##JCAMPDX= 5.0
##DATATYPE= Parameter Values
##NPOINTS= 1	$$ modification sequence number
##ORIGIN= Bruker BioSpin GmbH
##OWNER= nmrsu
$$ 2019-09-17 16:39:10.055 +0800  nmrsu@TOPSPIN
$$ C:/NMRExperiment21/data/nmrsu/nmr/UMT_Maulidiani/30/scon2
$$ process C:\Bruker\TopSpin35PL7\prog\mod\go4.exe
##$BLKTR= (0..19)
3 3 3 3 3 3 3 3 3 3 3 3 3 3 3 3 3 3 3 3
##$DE1= 4.5
##$DEADC= 0.5
##$DEPA= 4.5
##$DERX= 1.5
##$FILCOR= 0
##$GRADCHAN= 0
##$GRADPRE= (0..1)
10 10
##$HD_BLKTR= (0..19)
1 1 1 1 1 1 1 1 1 1 1 1 1 1 1 1 1 1 1 1
##$HD_DE1= 5
##$HD_DEADC= 0
##$HD_DEPA= 2.5
##$HD_DERX= 0
##END=
